GEM
  remote: https://rubygems.org/
  specs:
    diff-lcs (1.2.5)
    hashie (3.3.2)
    linkedin (1.0.0)
      hashie (~> 3.0)
      multi_json (~> 1.0)
      oauth (~> 0.4)
    multi_json (1.10.1)
    oauth (0.4.7)
    rspec (3.1.0)
      rspec-core (~> 3.1.0)
      rspec-expectations (~> 3.1.0)
      rspec-mocks (~> 3.1.0)
    rspec-core (3.1.7)
      rspec-support (~> 3.1.0)
    rspec-expectations (3.1.2)
      diff-lcs (>= 1.2.0, < 2.0)
      rspec-support (~> 3.1.0)
    rspec-mocks (3.1.3)
      rspec-support (~> 3.1.0)
    rspec-support (3.1.2)
    trollop (2.1.1)

PLATFORMS
  ruby

DEPENDENCIES
  linkedin
  rspec
  trollop
